PATH
  remote: .
  specs:
    xpather (0.1.2)

GEM
  remote: http://rubygems.org/
  specs:
    rake (12.3.3)

PLATFORMS
  ruby

DEPENDENCIES
  rake (~> 12.3)
  xpather!
